NUGET
  remote: https://www.nuget.org/api/v2
  specs:
    FsCheck (2.2.4)
      FSharp.Core (>= 3.1.2.5)
    FSharp.Core (3.1.2.5)
    Fuchu (1.0.2)
      FSharp.Core (>= 3.1.2.1)
    Fuchu.FsCheck (1.0.2)
      FsCheck (>= 2.2.2)
      FSharp.Core (>= 3.1.2.5)
      Fuchu (>= 1.0.2.0)
    NodaTime (1.3.1)
    NuGet.CommandLine (3.3.0)
    Suave (1.0.0)
      FSharp.Core (>= 3.1.2.5)
    Suave.Testing (1.0.0)
      FSharp.Core (>= 3.1.2.5)
      Fuchu (>= 1.0.2)
      Suave (>= 1.0.0)
